GEM
  remote: http://rubygems.org/
  specs:
    childprocess (0.5.7)
      ffi (~> 1.0, >= 1.0.11)
    ffi (1.9.10)
    multi_json (1.11.2)
    power_assert (0.2.2)
    rake (10.4.2)
    rubyzip (1.1.7)
    selenium-webdriver (2.48.1)
      childprocess (~> 0.5)
      multi_json (~> 1.0)
      rubyzip (~> 1.0)
      websocket (~> 1.0)
    test-unit (3.0.8)
      power_assert
    websocket (1.2.2)

PLATFORMS
  ruby

DEPENDENCIES
  rake
  selenium-webdriver
  test-unit

BUNDLED WITH
   1.10.6
