GEM
  remote: http://rubygems.org/
  specs:
    childprocess (0.5.7)
      ffi (~> 1.0, >= 1.0.11)
    coderay (1.1.0)
    ffi (1.9.10)
    method_source (0.8.2)
    multi_json (1.11.2)
    power_assert (0.2.2)
    pry (0.10.1)
      coderay (~> 1.1.0)
      method_source (~> 0.8.1)
      slop (~> 3.4)
    rake (10.4.2)
    rubyzip (1.1.7)
    selenium-webdriver (2.48.1)
      childprocess (~> 0.5)
      multi_json (~> 1.0)
      rubyzip (~> 1.0)
      websocket (~> 1.0)
    slop (3.6.0)
    test-unit (3.0.8)
      power_assert
    websocket (1.2.2)

PLATFORMS
  ruby

DEPENDENCIES
  pry
  rake
  selenium-webdriver
  test-unit

BUNDLED WITH
   1.10.6
